GEM
  remote: http://rubygems.org/
  specs:
    backports (2.3.0)
    bouncy-castle-java (1.5.0146.1)
    eventmachine (0.12.10)
    eventmachine (0.12.10-java)
    hashie (1.2.0)
    jruby-openssl (0.7.6.1)
      bouncy-castle-java (>= 1.5.0146.1)
    json (1.6.5)
    json (1.6.5-java)
    linkedin (0.3.6)
      hashie (~> 1.2.0)
      multi_json (~> 1.0.3)
      oauth (~> 0.4.5)
    multi_json (1.0.4)
    oauth (0.4.5)
    rack (1.4.1)
    rack-protection (1.2.0)
      rack
    rack-test (0.6.1)
      rack (>= 1.0)
    sinatra (1.3.2)
      rack (~> 1.3, >= 1.3.6)
      rack-protection (~> 1.2)
      tilt (~> 1.3, >= 1.3.3)
    sinatra-contrib (1.3.1)
      backports (>= 2.0)
      eventmachine
      rack-protection
      rack-test
      sinatra (~> 1.3.0)
      tilt (~> 1.3)
    sinatra-reloader (1.0)
      sinatra-contrib
    tilt (1.3.3)

PLATFORMS
  java
  ruby

DEPENDENCIES
  jruby-openssl
  json
  linkedin
  oauth
  sinatra
  sinatra-reloader
